GEM
  remote: https://rubygems.org/
  specs:
    activesupport (4.1.9)
      i18n (~> 0.6, >= 0.6.9)
      json (~> 1.7, >= 1.7.7)
      minitest (~> 5.1)
      thread_safe (~> 0.1)
      tzinfo (~> 1.1)
    addressable (2.3.7)
    autoprefixer-rails (5.1.5)
      execjs
      json
    backports (3.6.4)
    bourbon (4.2.0)
      sass (~> 3.4)
      thor
    celluloid (0.16.0)
      timers (~> 4.0.0)
    coffee-script (2.3.0)
      coffee-script-source
      execjs
    coffee-script-source (1.9.0)
    compass-core (1.0.3)
      multi_json (~> 1.0)
      sass (>= 3.3.0, < 3.5)
    compass-import-once (1.0.5)
      sass (>= 3.2, < 3.5)
    contracts (0.7)
    em-websocket (0.5.1)
      eventmachine (>= 0.12.9)
      http_parser.rb (~> 0.6.0)
    erubis (2.7.0)
    eventmachine (1.0.7)
    execjs (2.3.0)
    fastimage (1.6.6)
      addressable (~> 2.3, >= 2.3.5)
    ffi (1.9.6)
    haml (4.0.6)
      tilt
    hike (1.2.3)
    hitimes (1.2.2)
    hooks (0.4.0)
      uber (~> 0.0.4)
    htmlcompressor (0.1.2)
    http_parser.rb (0.6.0)
    i18n (0.6.11)
    json (1.8.2)
    kramdown (1.5.0)
    listen (2.8.5)
      celluloid (>= 0.15.2)
      rb-fsevent (>= 0.9.3)
      rb-inotify (>= 0.9)
    middleman (4.0.0.alpha.5)
      coffee-script (~> 2.2)
      compass-import-once (= 1.0.5)
      haml (>= 4.0.5)
      kramdown (~> 1.2)
      middleman-cli (= 4.0.0.alpha.5)
      middleman-compass (= 4.0.0.alpha.3)
      middleman-core (= 4.0.0.alpha.5)
      middleman-sprockets (>= 3.4.0)
      sass (>= 3.4.0, < 4.0)
    middleman-autoprefixer (2.4.3)
      autoprefixer-rails (~> 5.1.3)
      middleman-core (>= 3.3.3)
    middleman-cli (4.0.0.alpha.5)
      thor (>= 0.17.0, < 2.0)
    middleman-compass (4.0.0.alpha.3)
      compass-core (>= 1.0.0, < 2.0.0)
      middleman-core (>= 4.0.0.alpha.1)
    middleman-core (4.0.0.alpha.5)
      activesupport (~> 4.1.0)
      addressable (~> 2.3.5)
      backports (~> 3.6)
      bundler (~> 1.1)
      compass-import-once (~> 1.0.4)
      contracts (~> 0.4)
      erubis
      execjs (~> 2.0)
      fastimage (~> 1.6.2)
      hooks (~> 0.3)
      i18n (~> 0.6.9)
      listen (>= 2.7.9, < 3.0)
      padrino-helpers (~> 0.12.3)
      rack (>= 1.4.5, < 2.0)
      sass (>= 3.3.4)
      tilt (~> 1.4.1)
      uglifier (~> 2.5)
    middleman-deploy (1.0.0)
      middleman-core (>= 3.2)
      net-sftp
      ptools
    middleman-livereload (3.4.2)
      em-websocket (~> 0.5.1)
      middleman-core (>= 3.3)
      rack-livereload (~> 0.3.15)
    middleman-minify-html (3.4.0)
      htmlcompressor (~> 0.1.0)
      middleman-core (>= 3.2)
    middleman-sprockets (3.4.1)
      middleman-core (>= 3.3)
      sprockets (~> 2.12.1)
      sprockets-helpers (~> 1.1.0)
      sprockets-sass (~> 1.3.0)
    minitest (5.5.1)
    multi_json (1.10.1)
    neat (1.7.1)
      bourbon (>= 4.0)
      sass (>= 3.3)
    net-sftp (2.1.2)
      net-ssh (>= 2.6.5)
    net-ssh (2.9.2)
    padrino-helpers (0.12.4)
      i18n (~> 0.6, >= 0.6.7)
      padrino-support (= 0.12.4)
      tilt (~> 1.4.1)
    padrino-support (0.12.4)
      activesupport (>= 3.1)
    ptools (1.3.2)
    rack (1.6.0)
    rack-livereload (0.3.15)
      rack
    rb-fsevent (0.9.4)
    rb-inotify (0.9.5)
      ffi (>= 0.5.0)
    sass (3.4.12)
    sprockets (2.12.3)
      hike (~> 1.2)
      multi_json (~> 1.0)
      rack (~> 1.0)
      tilt (~> 1.1, != 1.3.0)
    sprockets-helpers (1.1.0)
      sprockets (~> 2.0)
    sprockets-sass (1.3.1)
      sprockets (~> 2.0)
      tilt (~> 1.1)
    thor (0.19.1)
    thread_safe (0.3.4)
    tilt (1.4.1)
    timers (4.0.1)
      hitimes
    tzinfo (1.2.2)
      thread_safe (~> 0.1)
    uber (0.0.13)
    uglifier (2.7.0)
      execjs (>= 0.3.0)
      json (>= 1.8.0)

PLATFORMS
  ruby

DEPENDENCIES
  bourbon
  middleman (= 4.0.0.alpha.5)
  middleman-autoprefixer
  middleman-deploy
  middleman-livereload
  middleman-minify-html
  neat
  sass
